PATH
  remote: .
  specs:
    declarative_minitest (0.1.0)
      minitest (>= 5.0)

GEM
  remote: https://rubygems.org/
  specs:
    minitest (5.11.3)
    rake (12.3.1)

PLATFORMS
  ruby

DEPENDENCIES
  declarative_minitest!
  rake

BUNDLED WITH
   1.16.3
